GIT
  remote: https://github.com/mono0x/extractcontent.git
  revision: 6dc303ab5ad90ada73a8b63c29dc0b99591afabd
  specs:
    extractcontent (0.0.1)

GEM
  specs:

PLATFORMS
  ruby

DEPENDENCIES
  extractcontent!

BUNDLED WITH
   1.17.1
